GEM
  remote: https://rubygems.org/
  specs:
    encryptor (1.3.0)

PLATFORMS
  ruby

DEPENDENCIES
  encryptor

BUNDLED WITH
   1.11.2
