GEM
  remote: https://rubygems.org/
  specs:
    bcrypt (3.1.10)
    encryptor (1.3.0)

PLATFORMS
  ruby

DEPENDENCIES
  bcrypt
  encryptor

BUNDLED WITH
   1.11.2
